GEM
  remote: https://rubygems.org/
  specs:
    addressable (2.5.0)
      public_suffix (~> 2.0, >= 2.0.2)
    builder (3.2.2)
    capybara (2.11.0)
      addressable
      mime-types (>= 1.16)
      nokogiri (>= 1.3.3)
      rack (>= 1.0.0)
      rack-test (>= 0.5.4)
      xpath (~> 2.0)
    childprocess (0.5.9)
      ffi (~> 1.0, >= 1.0.11)
    coderay (1.1.1)
    cucumber (2.4.0)
      builder (>= 2.1.2)
      cucumber-core (~> 1.5.0)
      cucumber-wire (~> 0.0.1)
      diff-lcs (>= 1.1.3)
      gherkin (~> 4.0)
      multi_json (>= 1.7.5, < 2.0)
      multi_test (>= 0.1.2)
    cucumber-core (1.5.0)
      gherkin (~> 4.0)
    cucumber-wire (0.0.1)
    data_magic (1.0)
      faker (>= 1.1.2)
      yml_reader (>= 0.6)
    diff-lcs (1.2.5)
    faker (1.6.6)
      i18n (~> 0.5)
    ffi (1.9.14)
    gherkin (4.0.0)
    i18n (0.7.0)
    method_source (0.8.2)
    mime-types (3.1)
      mime-types-data (~> 3.2015)
    mime-types-data (3.2016.0521)
    mini_portile2 (2.1.0)
    multi_json (1.12.1)
    multi_test (0.1.2)
    net-http-persistent (2.9.4)
    nokogiri (1.6.8.1)
      mini_portile2 (~> 2.1.0)
    page-object (2.0.0)
      net-http-persistent (~> 2.9.4)
      page_navigation (>= 0.9)
      selenium-webdriver (~> 3.0)
      watir (~> 6.0)
    page_navigation (0.10)
      data_magic (>= 0.22)
    pry (0.10.4)
      coderay (~> 1.1.0)
      method_source (~> 0.8.1)
      slop (~> 3.4)
    public_suffix (2.0.4)
    rack (2.0.1)
    rack-test (0.6.3)
      rack (>= 1.0)
    rake (12.0.0)
    rspec (3.5.0)
      rspec-core (~> 3.5.0)
      rspec-expectations (~> 3.5.0)
      rspec-mocks (~> 3.5.0)
    rspec-core (3.5.4)
      rspec-support (~> 3.5.0)
    rspec-expectations (3.5.0)
      diff-lcs (>= 1.2.0, < 2.0)
      rspec-support (~> 3.5.0)
    rspec-mocks (3.5.0)
      diff-lcs (>= 1.2.0, < 2.0)
      rspec-support (~> 3.5.0)
    rspec-support (3.5.0)
    rubyzip (1.2.0)
    selenium-webdriver (3.0.3)
      childprocess (~> 0.5)
      rubyzip (~> 1.0)
      websocket (~> 1.0)
    slop (3.6.0)
    watir (6.0.2)
      selenium-webdriver (~> 3.0)
    websocket (1.2.3)
    xpath (2.0.0)
      nokogiri (~> 1.3)
    yml_reader (0.7)

PLATFORMS
  ruby

DEPENDENCIES
  capybara
  cucumber
  page-object
  pry
  rake
  rspec

BUNDLED WITH
   1.13.6
